GEM
  remote: http://rubygems.org/
  specs:
    actionmailer (4.1.8)
      actionpack (= 4.1.8)
      actionview (= 4.1.8)
      mail (~> 2.5, >= 2.5.4)
    actionpack (4.1.8)
      actionview (= 4.1.8)
      activesupport (= 4.1.8)
      rack (~> 1.5.2)
      rack-test (~> 0.6.2)
    actionview (4.1.8)
      activesupport (= 4.1.8)
      builder (~> 3.1)
      erubis (~> 2.7.0)
    activemodel (4.1.8)
      activesupport (= 4.1.8)
      builder (~> 3.1)
    activerecord (4.1.8)
      activemodel (= 4.1.8)
      activesupport (= 4.1.8)
      arel (~> 5.0.0)
    activesupport (4.1.8)
      i18n (~> 0.6, >= 0.6.9)
      json (~> 1.7, >= 1.7.7)
      minitest (~> 5.1)
      thread_safe (~> 0.1)
      tzinfo (~> 1.1)
    addressable (2.3.6)
    arel (5.0.1.20140414130214)
    aruba (0.6.1)
      childprocess (>= 0.3.6)
      cucumber (>= 1.1.1)
      rspec-expectations (>= 2.7.0)
    ast (2.0.0)
    astrolabe (1.3.0)
      parser (>= 2.2.0.pre.3, < 3.0)
    bcrypt (3.1.9)
    better_errors (2.0.0)
      coderay (>= 1.0.0)
      erubis (>= 2.6.6)
      rack (>= 0.9.0)
    binding_of_caller (0.7.2)
      debug_inspector (>= 0.0.1)
    brakeman (2.6.3)
      erubis (~> 2.6)
      fastercsv (~> 1.5)
      haml (>= 3.0, < 5.0)
      highline (~> 1.6.20)
      multi_json (~> 1.2)
      ruby2ruby (~> 2.1.1)
      ruby_parser (~> 3.5.0)
      sass (~> 3.0)
      slim (>= 1.3.6, < 3.0)
      terminal-table (~> 1.4)
    builder (3.2.2)
    bullet (4.14.0)
      activesupport (>= 3.0.0)
      uniform_notifier (>= 1.6.0)
    cancancan (1.9.2)
    capistrano (3.3.3)
      capistrano-stats (~> 1.0.3)
      i18n
      rake (>= 10.0.0)
      sshkit (~> 1.3)
    capistrano-bundler (1.1.3)
      capistrano (~> 3.1)
      sshkit (~> 1.2)
    capistrano-rails (1.1.2)
      capistrano (~> 3.1)
      capistrano-bundler (~> 1.1)
    capistrano-stats (1.0.3)
    capybara (2.4.4)
      mime-types (>= 1.16)
      nokogiri (>= 1.3.3)
      rack (>= 1.0.0)
      rack-test (>= 0.5.4)
      xpath (~> 2.0)
    childprocess (0.5.5)
      ffi (~> 1.0, >= 1.0.11)
    chronic (0.10.2)
    codeclimate-test-reporter (0.4.1)
      simplecov (>= 0.7.1, < 1.0.0)
    coderay (1.1.0)
    colorize (0.7.3)
    crack (0.4.2)
      safe_yaml (~> 1.0.0)
    cucumber (1.3.17)
      builder (>= 2.1.2)
      diff-lcs (>= 1.1.3)
      gherkin (~> 2.12)
      multi_json (>= 1.7.5, < 2.0)
      multi_test (>= 0.1.1)
    daemons (1.1.9)
    dalli (2.7.2)
    database_cleaner (1.3.0)
    debug_inspector (0.0.2)
    delayed_job (4.0.4)
      activesupport (>= 3.0, < 4.2)
    delayed_job_active_record (4.0.2)
      activerecord (>= 3.0, < 4.2)
      delayed_job (>= 3.0, < 4.1)
    devise (3.4.1)
      bcrypt (~> 3.0)
      orm_adapter (~> 0.1)
      railties (>= 3.2.6, < 5)
      responders
      thread_safe (~> 0.1)
      warden (~> 1.2.3)
    diff-lcs (1.2.5)
    docile (1.1.5)
    dotenv (1.0.2)
    dotiw (2.0)
      actionpack (>= 3)
      i18n
    draper (1.4.0)
      actionpack (>= 3.0)
      activemodel (>= 3.0)
      activesupport (>= 3.0)
      request_store (~> 1.0)
    email_spec (1.6.0)
      launchy (~> 2.1)
      mail (~> 2.2)
    erubis (2.7.0)
    ethon (0.7.1)
      ffi (>= 1.3.0)
    factory_girl (4.5.0)
      activesupport (>= 3.0.0)
    factory_girl_rails (4.5.0)
      factory_girl (~> 4.5.0)
      railties (>= 3.0.0)
    faraday (0.9.0)
      multipart-post (>= 1.2, < 3)
    faraday_middleware (0.9.1)
      faraday (>= 0.7.4, < 0.10)
    fastercsv (1.5.5)
    ffi (1.9.6)
    gherkin (2.12.2)
      multi_json (~> 1.3)
    github-markdown (0.6.7)
    haml (4.0.5)
      tilt
    hashie (3.3.2)
    highline (1.6.21)
    hike (1.2.3)
    i18n (0.6.11)
    jbuilder (2.2.5)
      activesupport (>= 3.0.0, < 5)
      multi_json (~> 1.2)
    json (1.8.1)
    launchy (2.4.3)
      addressable (~> 2.3)
    mail (2.6.3)
      mime-types (>= 1.16, < 3)
    method_source (0.8.2)
    mime-types (2.4.3)
    mini_portile (0.6.1)
    minitest (5.4.3)
    multi_json (1.10.1)
    multi_test (0.1.1)
    multi_xml (0.5.5)
    multipart-post (2.0.0)
    mysql2 (0.3.16)
    net-scp (1.2.1)
      net-ssh (>= 2.6.5)
    net-ssh (2.9.1)
    nokogiri (1.6.5)
      mini_portile (~> 0.6.0)
    oj (2.10.4)
    orm_adapter (0.5.0)
    parse-cron (0.1.4)
    parser (2.2.0.pre.8)
      ast (>= 1.1, < 3.0)
      slop (~> 3.4, >= 3.4.5)
    powerpack (0.0.9)
    pry (0.10.1)
      coderay (~> 1.1.0)
      method_source (~> 0.8.1)
      slop (~> 3.4)
    pry-rails (0.3.2)
      pry (>= 0.9.10)
    rack (1.5.2)
    rack-mini-profiler (0.9.2)
      rack (>= 1.1.3)
    rack-test (0.6.2)
      rack (>= 1.0)
    rails (4.1.8)
      actionmailer (= 4.1.8)
      actionpack (= 4.1.8)
      actionview (= 4.1.8)
      activemodel (= 4.1.8)
      activerecord (= 4.1.8)
      activesupport (= 4.1.8)
      bundler (>= 1.3.0, < 2.0)
      railties (= 4.1.8)
      sprockets-rails (~> 2.0)
    railties (4.1.8)
      actionpack (= 4.1.8)
      activesupport (= 4.1.8)
      rake (>= 0.8.7)
      thor (>= 0.18.1, < 2.0)
    rainbow (2.0.0)
    rake (10.3.2)
    request_store (1.1.0)
    responders (1.1.2)
      railties (>= 3.2, < 4.2)
    rouge (1.7.4)
    rspec-core (3.1.7)
      rspec-support (~> 3.1.0)
    rspec-expectations (3.1.2)
      diff-lcs (>= 1.2.0, < 2.0)
      rspec-support (~> 3.1.0)
    rspec-mocks (3.1.3)
      rspec-support (~> 3.1.0)
    rspec-rails (3.1.0)
      actionpack (>= 3.0)
      activesupport (>= 3.0)
      railties (>= 3.0)
      rspec-core (~> 3.1.0)
      rspec-expectations (~> 3.1.0)
      rspec-mocks (~> 3.1.0)
      rspec-support (~> 3.1.0)
    rspec-support (3.1.2)
    rubocop (0.27.1)
      astrolabe (~> 1.3)
      parser (>= 2.2.0.pre.7, < 3.0)
      powerpack (~> 0.0.6)
      rainbow (>= 1.99.1, < 3.0)
      ruby-progressbar (~> 1.4)
    ruby-progressbar (1.7.0)
    ruby2ruby (2.1.3)
      ruby_parser (~> 3.1)
      sexp_processor (~> 4.0)
    ruby_parser (3.5.0)
      sexp_processor (~> 4.1)
    rubyzip (1.1.6)
    safe_yaml (1.0.4)
    sass (3.4.9)
    sexp_processor (4.4.4)
    shoulda-matchers (2.7.0)
      activesupport (>= 3.0.0)
    simplecov (0.9.1)
      docile (~> 1.1.0)
      multi_json (~> 1.0)
      simplecov-html (~> 0.8.0)
    simplecov-html (0.8.0)
    slim (2.1.0)
      temple (~> 0.6.9)
      tilt (>= 1.3.3, < 2.1)
    slop (3.6.0)
    spring (1.1.3)
    sprockets (2.12.3)
      hike (~> 1.2)
      multi_json (~> 1.0)
      rack (~> 1.0)
      tilt (~> 1.1, != 1.3.0)
    sprockets-rails (2.2.1)
      actionpack (>= 3.0)
      activesupport (>= 3.0)
      sprockets (>= 2.8, < 4.0)
    sshkit (1.5.1)
      colorize
      net-scp (>= 1.1.2)
      net-ssh (>= 2.8.0)
    state_machine (1.2.0)
    strip_attributes (1.5.1)
      activemodel (>= 3.0, < 5.0)
    temple (0.6.10)
    terminal-table (1.4.5)
    thor (0.19.1)
    thread_safe (0.3.4)
    tilt (1.4.1)
    timeliness (0.3.7)
    typhoeus (0.6.9)
      ethon (>= 0.7.1)
    tzinfo (1.2.2)
      thread_safe (~> 0.1)
    uniform_notifier (1.6.2)
    validates_timeliness (3.0.14)
      timeliness (~> 0.3.6)
    warden (1.2.3)
      rack (>= 1.0)
    webmock (1.20.4)
      addressable (>= 2.3.6)
      crack (>= 0.3.2)
    whenever (0.9.4)
      chronic (>= 0.6.3)
    will_paginate (3.0.7)
    xpath (2.0.0)
      nokogiri (~> 1.3)

PLATFORMS
  ruby

DEPENDENCIES
  addressable (~> 2.3.5)
  aruba (~> 0.6.1)
  better_errors (~> 2.0.0)
  binding_of_caller (~> 0.7.2)
  brakeman (~> 2.6.0)
  bullet (~> 4.14.0)
  cancancan (~> 1.9.2)
  capistrano-bundler (~> 1.1.2)
  capistrano-rails (~> 1.1.1)
  capybara (~> 2.4.4)
  codeclimate-test-reporter (~> 0.4.1)
  daemons (~> 1.1.9)
  dalli (~> 2.7.0)
  database_cleaner (~> 1.3.0)
  delayed_job (~> 4.0.0)
  delayed_job_active_record (~> 4.0.0)
  devise (~> 3.4.1)
  dotenv (~> 1.0.2)
  dotiw (~> 2.0)
  draper (~> 1.4.0)
  email_spec (~> 1.6.0)
  factory_girl_rails (~> 4.5.0)
  faraday (~> 0.9.0)
  faraday_middleware (~> 0.9.1)
  github-markdown (~> 0.6.3)
  hashie (~> 3.3.1)
  jbuilder (~> 2.2.4)
  launchy (~> 2.4.2)
  mail (~> 2.6.1)
  multi_json (~> 1.10.1)
  multi_xml (~> 0.5.5)
  mysql2 (= 0.3.16)
  nokogiri (~> 1.6.0)
  oj (~> 2.10.4)
  parse-cron (~> 0.1.4)
  pry-rails (~> 0.3.2)
  rack-mini-profiler (~> 0.9.2)
  rack-test (~> 0.6.2)
  rails (= 4.1.8)
  rake (~> 10.3.2)
  rouge (~> 1.7.2)
  rspec-rails (~> 3.1.0)
  rubocop (~> 0.27.0)
  rubyzip (~> 1.1)
  safe_yaml (~> 1.0.4)
  shoulda-matchers (~> 2.7.0)
  simplecov (~> 0.9.1)
  spring (~> 1.1.2)
  state_machine (~> 1.2.0)
  strip_attributes (~> 1.2)
  typhoeus (~> 0.6.7)
  validates_timeliness (~> 3.0.14)
  warden (= 1.2.3)
  webmock (~> 1.20.0)
  whenever (~> 0.9.0)
  will_paginate (= 3.0.7)
